GEM
  remote: https://rubygems.org/
  specs:
    coderay (1.1.2)
    front_matter_parser (0.2.0)
    rake (12.3.2)
    redcarpet (3.4.0)

PLATFORMS
  ruby
  x64-mingw32
  x86-mingw32

DEPENDENCIES
  coderay
  front_matter_parser
  rake
  redcarpet

BUNDLED WITH
   1.17.2
